GEM
  remote: http://rubygems.org/
  specs:
    nokogiri (1.5.3)
    serialport (1.1.0)

PLATFORMS
  ruby

DEPENDENCIES
  nokogiri
  serialport
